GEM
  remote: https://rubygems.org/
  specs:
    hpricot (0.8.6)
    kramdown (1.17.0)
    rexml (3.2.6)

PLATFORMS
  arm64-darwin-23
  ruby

DEPENDENCIES
  hpricot
  kramdown (< 2)
  rexml

BUNDLED WITH
   2.5.6
